GEM
  remote: https://rubygems.org/
  specs:
    hoe (3.1.0)
      rake (~> 0.8)
    minitest (5.0.8)
    rake (0.9.2.2)

PLATFORMS
  ruby

DEPENDENCIES
  hoe
  minitest
